GEM
  remote: http://rubygems.org/
  specs:
    Ascii85 (1.0.1)
    actionmailer (2.3.14)
      actionpack (= 2.3.14)
    actionpack (2.3.14)
      activesupport (= 2.3.14)
      rack (~> 1.1.0)
    activerecord (2.3.14)
      activesupport (= 2.3.14)
    activeresource (2.3.14)
      activesupport (= 2.3.14)
    activesupport (2.3.14)
    coderay (1.0.7)
    declarative_authorization (0.5.5)
    diff-lcs (1.1.3)
    faker (1.0.1)
      i18n (~> 0.4)
    fastercsv (1.5.5)
    hoe (3.0.6)
      rake (~> 0.8)
    i18n (0.4.2)
    method_source (0.8)
    mysql2 (0.2.18)
    pdf-reader (1.1.1)
      Ascii85 (~> 1.0.0)
      ruby-rc4
    prawn (0.12.0)
      pdf-reader (>= 0.9.0)
      ttfunk (~> 1.0.2)
    pry (0.9.10)
      coderay (~> 1.0.5)
      method_source (~> 0.8)
      slop (~> 3.3.1)
    rack (1.1.3)
    rails (2.3.14)
      actionmailer (= 2.3.14)
      actionpack (= 2.3.14)
      activerecord (= 2.3.14)
      activeresource (= 2.3.14)
      activesupport (= 2.3.14)
      rake (>= 0.8.3)
    rake (0.8.7)
    rspec (2.11.0)
      rspec-core (~> 2.11.0)
      rspec-expectations (~> 2.11.0)
      rspec-mocks (~> 2.11.0)
    rspec-core (2.11.1)
    rspec-expectations (2.11.2)
      diff-lcs (~> 1.1.3)
    rspec-mocks (2.11.1)
    ruby-rc4 (0.1.5)
    searchlogic (2.4.27)
      activerecord (>= 2.0.0)
    slop (3.3.2)
    sqlite3 (1.3.6)
    sqlite3-ruby (1.3.3)
      sqlite3 (>= 1.3.3)
    test-unit (1.2.3)
      hoe (>= 1.5.1)
    ttfunk (1.0.3)
    wicked_pdf (0.7.9)

PLATFORMS
  ruby

DEPENDENCIES
  declarative_authorization
  faker
  fastercsv
  i18n (= 0.4.2)
  mysql2 (< 0.3)
  prawn
  pry
  rails (= 2.3.14)
  rake (= 0.8.7)
  rspec
  searchlogic (= 2.4.27)
  sqlite3-ruby
  test-unit (= 1.2.3)
  wicked_pdf
